PATH
  remote: .
  specs:
    geoip2_compat (0.0.3)

GEM
  remote: https://rubygems.org/
  specs:
    power_assert (1.1.1)
    rake (12.3.1)
    rake-compiler (1.0.4)
      rake
    test-unit (3.2.7)
      power_assert

PLATFORMS
  ruby

DEPENDENCIES
  geoip2_compat!
  rake (~> 12.0)
  rake-compiler (~> 1)
  test-unit (~> 3)

BUNDLED WITH
   1.16.1
